PATH
  remote: .
  specs:
    spandex (0.0.1)
      ratom
      tilt

GEM
  remote: http://rubygems.org/
  specs:
    diff-lcs (1.1.3)
    libxml-ruby (2.2.2)
    ratom (0.6.9)
      libxml-ruby (>= 1.1.2)
    redcarpet (1.17.2)
    rspec (2.6.0)
      rspec-core (~> 2.6.0)
      rspec-expectations (~> 2.6.0)
      rspec-mocks (~> 2.6.0)
    rspec-core (2.6.4)
    rspec-expectations (2.6.0)
      diff-lcs (~> 1.1.2)
    rspec-mocks (2.6.0)
    tilt (1.3.3)

PLATFORMS
  ruby

DEPENDENCIES
  redcarpet
  rspec
  spandex!
